GEM
  remote: https://rubygems.org/
  specs:
    activesupport (4.1.15)
      i18n (~> 0.6, >= 0.6.9)
      json (~> 1.7, >= 1.7.7)
      minitest (~> 5.1)
      thread_safe (~> 0.1)
      tzinfo (~> 1.1)
    addressable (2.4.0)
    brocket (0.2.2)
      logger_pipe
      thor
    faraday (0.9.2)
      multipart-post (>= 1.2, < 3)
    groovenauts-thor (0.19.1.1)
    httpclient (2.7.1)
    i18n (0.7.0)
    json (1.8.3)
    jwt (1.5.4)
    libmagellan (0.2.6)
      activesupport
      mqtt (~> 0.3.1)
      signet (~> 0.7.0)
    logger_pipe (0.3.1)
    magellan-cli (0.9.1)
      activesupport (~> 4.1.4)
      groovenauts-thor
      httpclient (~> 2.5)
      i18n
      libmagellan (~> 0.2.4)
      logger_pipe (~> 0.3.1)
      nokogiri
      psych (>= 2.0.0, <= 2.0.8)
      text-table (~> 1.2.3)
    mini_portile2 (2.0.0)
    minitest (5.8.4)
    mqtt (0.3.1)
    multi_json (1.11.2)
    multipart-post (2.0.0)
    nokogiri (1.6.7.2)
      mini_portile2 (~> 2.0.0.rc2)
    psych (2.0.8)
    signet (0.7.2)
      addressable (~> 2.3)
      faraday (~> 0.9)
      jwt (~> 1.5)
      multi_json (~> 1.10)
    text-table (1.2.4)
    thor (0.19.1)
    thread_safe (0.3.5)
    tzinfo (1.2.2)
      thread_safe (~> 0.1)

PLATFORMS
  ruby

DEPENDENCIES
  brocket
  magellan-cli

BUNDLED WITH
   1.11.2
